GEM
  remote: http://rubygems.org/
  specs:
    builder (3.0.0)
    i18n (0.6.0)
    json (1.7.3)
    jwt (0.1.4)
      json (>= 1.2.4)
    multi_json (1.3.6)
    rack (1.4.1)
    twilio-ruby (3.7.0)
      builder (>= 2.1.2)
      jwt (>= 0.1.2)
      multi_json (>= 1.3.0)
    webmachine (1.0.0)
      i18n (>= 0.4.0)
      multi_json

PLATFORMS
  x86-mingw32

DEPENDENCIES
  rack
  twilio-ruby
  webmachine
